PATH
  remote: .
  specs:
    version_sorter (1.1.1)

GEM
  remote: https://rubygems.org/
  specs:
    rake (10.4.2)

PLATFORMS
  ruby

DEPENDENCIES
  rake
  version_sorter!
